NUGET
  remote: https://www.nuget.org/api/v2
    FSharp.Charting (0.91.1)
